PATH
  remote: ../../common
  specs:
    vcap_common (0.99)
      eventmachine (~> 0.12.10)
      logging (>= 1.5.0)
      nats
      thin
      yajl-ruby

GEM
  remote: http://rubygems.org/
  specs:
    addressable (2.2.4)
    amqp (0.7.1)
      eventmachine (>= 0.12.4)
    bcrypt-ruby (2.1.4)
    builder (3.0.0)
    ci_reporter (1.6.4)
      builder (>= 2.1.2)
    daemons (1.1.0)
    data_objects (0.10.3)
      addressable (~> 2.1)
    datamapper (1.1.0)
      dm-aggregates (= 1.1.0)
      dm-constraints (= 1.1.0)
      dm-core (= 1.1.0)
      dm-migrations (= 1.1.0)
      dm-serializer (= 1.1.0)
      dm-timestamps (= 1.1.0)
      dm-transactions (= 1.1.0)
      dm-types (= 1.1.0)
      dm-validations (= 1.1.0)
    diff-lcs (1.1.2)
    dm-aggregates (1.1.0)
      dm-core (~> 1.1.0)
    dm-constraints (1.1.0)
      dm-core (~> 1.1.0)
    dm-core (1.1.0)
      addressable (~> 2.2.4)
    dm-do-adapter (1.1.0)
      data_objects (~> 0.10.2)
      dm-core (~> 1.1.0)
    dm-migrations (1.1.0)
      dm-core (~> 1.1.0)
    dm-serializer (1.1.0)
      dm-core (~> 1.1.0)
      fastercsv (~> 1.5.4)
      json (~> 1.4.6)
    dm-sqlite-adapter (1.1.0)
      dm-do-adapter (~> 1.1.0)
      do_sqlite3 (~> 0.10.2)
    dm-timestamps (1.1.0)
      dm-core (~> 1.1.0)
    dm-transactions (1.1.0)
      dm-core (~> 1.1.0)
    dm-types (1.1.0)
      bcrypt-ruby (~> 2.1.4)
      dm-core (~> 1.1.0)
      fastercsv (~> 1.5.4)
      json (~> 1.4.6)
      stringex (~> 1.2.0)
      uuidtools (~> 2.1.2)
    dm-validations (1.1.0)
      dm-core (~> 1.1.0)
    do_sqlite3 (0.10.3)
      data_objects (= 0.10.3)
    em-http-request (0.3.0)
      addressable (>= 2.0.0)
      escape_utils
      eventmachine (>= 0.12.9)
    escape_utils (0.2.3)
    eventmachine (0.12.10)
    fastercsv (1.5.4)
    json (1.4.6)
    json_pure (1.5.1)
    little-plugger (1.1.2)
    logging (1.5.0)
      little-plugger (>= 1.1.2)
    nats (0.4.8)
      daemons (>= 1.1.0)
      eventmachine (>= 0.12.10)
      json_pure (>= 1.5.1)
    rack (1.2.2)
    rake (0.8.7)
    rcov (0.9.9)
    rspec (2.5.0)
      rspec-core (~> 2.5.0)
      rspec-expectations (~> 2.5.0)
      rspec-mocks (~> 2.5.0)
    rspec-core (2.5.1)
    rspec-expectations (2.5.0)
      diff-lcs (~> 1.1.2)
    rspec-mocks (2.5.0)
    ruby-hmac (0.4.0)
    sinatra (1.2.1)
      rack (~> 1.1)
      tilt (< 2.0, >= 1.2.2)
    stringex (1.2.1)
    thin (1.2.8)
      daemons (>= 1.0.9)
      eventmachine (>= 0.12.6)
      rack (>= 1.0.0)
    tilt (1.2.2)
    uuidtools (2.1.2)
    yajl-ruby (0.8.2)

PLATFORMS
  ruby

DEPENDENCIES
  amqp
  ci_reporter
  datamapper (>= 0.10.2)
  dm-sqlite-adapter
  do_sqlite3
  em-http-request
  eventmachine
  json
  nats (>= 0.4.8)
  rake
  rcov
  rspec
  ruby-hmac
  sinatra
  thin
  uuidtools
  vcap_common!
